GEM
  remote: http://rubygems.org/
  specs:
    coffee-script (2.2.0)
      coffee-script-source
      execjs
    coffee-script-source (1.1.2)
    execjs (1.2.9)
      multi_json (~> 1.0)
    foreman (0.22.0)
      term-ansicolor (~> 1.0.5)
      thor (>= 0.13.6)
    multi_json (1.0.3)
    sass (3.1.10)
    term-ansicolor (1.0.6)
    thor (0.14.6)

PLATFORMS
  ruby

DEPENDENCIES
  coffee-script
  foreman
  sass
